GEM
  remote: https://rubygems.org/
  specs:
    activesupport (3.2.3)
      i18n (~> 0.6)
      multi_json (~> 1.0)
    faraday (0.8.0)
      multipart-post (~> 1.1)
    hashie (1.2.0)
    i18n (0.6.0)
    multi_json (1.3.4)
    multipart-post (1.1.5)
    oauth (0.4.6)
    pit (0.0.6)
    simple_oauth (0.1.7)
    twitter (2.2.9)
      activesupport (>= 2.3.9, < 4)
      faraday (~> 0.8)
      multi_json (~> 1.3)
      simple_oauth (~> 0.1.6)
    userstream (1.2.2)
      hashie (~> 1.2.0)
      oauth (~> 0.4.6)

PLATFORMS
  ruby

DEPENDENCIES
  pit
  twitter
  userstream
